GEM
  remote: https://rubygems.org/
  specs:
    adsf (1.4.5)
      rack (>= 1.0.0, < 3.0.0)
    ast (2.4.2)
    ffi (1.12.2)
    ffi (1.12.2-x64-mingw32)
    listen (3.2.1)
      rb-fsevent (~> 0.10, >= 0.10.3)
      rb-inotify (~> 0.9, >= 0.9.10)
    parallel (1.20.1)
    parser (3.0.0.0)
      ast (~> 2.4.1)
    rack (2.2.3)
    rainbow (3.0.0)
    rb-fsevent (0.10.4)
    rb-inotify (0.10.1)
      ffi (~> 1.0)
    regexp_parser (2.0.3)
    rerun (0.13.0)
      listen (~> 3.0)
    rexml (3.2.4)
    roda (3.40.0)
      rack
    rubocop (1.10.0)
      parallel (~> 1.10)
      parser (>= 3.0.0.0)
      rainbow (>= 2.2.2, < 4.0)
      regexp_parser (>= 1.8, < 3.0)
      rexml
      rubocop-ast (>= 1.2.0, < 2.0)
      ruby-progressbar (~> 1.7)
      unicode-display_width (>= 1.4.0, < 3.0)
    rubocop-ast (1.4.1)
      parser (>= 2.7.1.5)
    ruby-progressbar (1.11.0)
    tilt (2.0.10)
    unicode-display_width (2.0.0)

PLATFORMS
  ruby
  x64-mingw32

DEPENDENCIES
  adsf (~> 1.4)
  rerun (~> 0.13.0)
  roda (~> 3.40)
  rubocop (~> 1.10)
  tilt (~> 2.0)

BUNDLED WITH
   2.2.11
